PATH
  remote: .
  specs:
    white_payments (2.0)
      httparty (~> 0.13)
      json (~> 1.8.1)

GEM
  remote: https://rubygems.org/
  specs:
    ansi (1.4.3)
    httparty (0.13.1)
      json (~> 1.8)
      multi_xml (>= 0.5.2)
    json (1.8.1)
    minitest (4.7.5)
    multi_xml (0.5.5)
    rake (10.3.2)
    turn (0.9.7)
      ansi
      minitest (~> 4)

PLATFORMS
  ruby

DEPENDENCIES
  httparty
  minitest
  rake
  turn
  white_payments!
